PATH
  remote: .
  specs:
    duct (0.1.1)
      bundler

GEM
  remote: https://rubygems.org/
  specs:
    diff-lcs (1.2.5)
    rake (10.1.1)
    rspec (2.14.1)
      rspec-core (~> 2.14.0)
      rspec-expectations (~> 2.14.0)
      rspec-mocks (~> 2.14.0)
    rspec-core (2.14.7)
    rspec-expectations (2.14.4)
      diff-lcs (>= 1.1.3, < 2.0)
    rspec-mocks (2.14.4)
    rubysl-singleton (2.0.0)

PLATFORMS
  ruby

DEPENDENCIES
  duct!
  rake
  rspec
  rubysl-singleton

BUNDLED WITH
   1.10.6
